PATH
  remote: .
  specs:
    artificer_ruby (0.1.0)
      artifactory (~> 3.0)
      rufus-scheduler (~> 3.6)

GEM
  remote: https://rubygems.org/
  specs:
    artifactory (3.0.15)
    concurrent-ruby (1.1.7)
    et-orbi (1.2.4)
      tzinfo
    fugit (1.3.9)
      et-orbi (~> 1.1, >= 1.1.8)
      raabro (~> 1.3)
    raabro (1.4.0)
    rake (12.3.3)
    rufus-scheduler (3.6.0)
      fugit (~> 1.1, >= 1.1.6)
    tzinfo (2.0.2)
      concurrent-ruby (~> 1.0)

PLATFORMS
  ruby

DEPENDENCIES
  artificer_ruby!
  rake (~> 12.0)

BUNDLED WITH
   2.1.4
